GEM
  remote: https://rubygems.org/
  specs:
    builder (3.2.3)
    httparty (0.16.4)
      mime-types (~> 3.0)
      multi_xml (>= 0.5.2)
    mime-types (3.2.2)
      mime-types-data (~> 3.2015)
    mime-types-data (3.2018.0812)
    multi_xml (0.6.0)
    twilio (3.1.1)
      builder (>= 2.1.2)
      httparty (>= 0.8)

PLATFORMS
  x64-mingw32

DEPENDENCIES
  twilio

BUNDLED WITH
   2.0.1
